GEM
  remote: https://rubygems.org/
  specs:
    pg (1.0.0)

PLATFORMS
  ruby

DEPENDENCIES
  pg

RUBY VERSION
   ruby 2.4.1p111

BUNDLED WITH
   1.14.6
